GEM
  remote: https://rubygems.org/
  specs:
    activemodel (4.2.5.1)
      activesupport (= 4.2.5.1)
      builder (~> 3.1)
    activerecord (4.2.5.1)
      activemodel (= 4.2.5.1)
      activesupport (= 4.2.5.1)
      arel (~> 6.0)
    activerecord-jdbc-adapter (1.3.19)
      activerecord (>= 2.2)
    activerecord-jdbcsqlite3-adapter (1.3.19)
      activerecord-jdbc-adapter (~> 1.3.19)
      jdbc-sqlite3 (>= 3.7.2, < 3.9)
    activesupport (4.2.5.1)
      i18n (~> 0.7)
      json (~> 1.7, >= 1.7.7)
      minitest (~> 5.1)
      thread_safe (~> 0.3, >= 0.3.4)
      tzinfo (~> 1.1)
    arel (6.0.3)
    builder (3.2.2)
    coderay (1.1.0)
    ffi (1.9.10-java)
    geocoder (1.2.11)
    i18n (0.7.0)
    jdbc-sqlite3 (3.8.11.2)
    json (1.8.3)
    json (1.8.3-java)
    method_source (0.8.2)
    minitest (5.8.4)
    pry (0.10.3)
      coderay (~> 1.1.0)
      method_source (~> 0.8.1)
      slop (~> 3.4)
    pry (0.10.3-java)
      coderay (~> 1.1.0)
      method_source (~> 0.8.1)
      slop (~> 3.4)
      spoon (~> 0.0)
    puma (2.9.1)
      rack (>= 1.1, < 2.0)
    puma (2.9.1-java)
      rack (>= 1.1, < 2.0)
    rack (1.6.4)
    rack-protection (1.5.3)
      rack
    sinatra (1.4.7)
      rack (~> 1.5)
      rack-protection (~> 1.4)
      tilt (>= 1.3, < 3)
    sinatra-cross_origin (0.3.2)
    slop (3.6.0)
    spoon (0.0.4)
      ffi
    thread_safe (0.3.5)
    thread_safe (0.3.5-java)
    tilt (2.0.2)
    tzinfo (1.2.2)
      thread_safe (~> 0.1)

PLATFORMS
  java
  ruby

DEPENDENCIES
  activerecord!
  activerecord-jdbcsqlite3-adapter!
  geocoder!
  jdbc-sqlite3!
  pry!
  puma!
  rack!
  sinatra!
  sinatra-cross_origin!

BUNDLED WITH
   1.10.6
